GIT
  remote: git://github.com/sinatra/sinatra.git
  revision: 67af4c283014de3d6dfa6b30ef7b7be7520b7117
  specs:
    sinatra (1.4.5)
      rack (~> 1.4)
      rack-protection (~> 1.4)
      tilt (~> 1.3, >= 1.3.4)

GEM
  remote: https://rubygems.org/
  specs:
    activemodel (3.2.17)
      activesupport (= 3.2.17)
      builder (~> 3.0.0)
    activerecord (3.2.17)
      activemodel (= 3.2.17)
      activesupport (= 3.2.17)
      arel (~> 3.0.2)
      tzinfo (~> 0.3.29)
    activesupport (3.2.17)
      i18n (~> 0.6, >= 0.6.4)
      multi_json (~> 1.0)
    arel (3.0.3)
    builder (3.0.4)
    haml (4.0.5)
      tilt
    i18n (0.6.9)
    jbuilder (1.5.3)
      activesupport (>= 3.0.0)
      multi_json (>= 1.2.0)
    multi_json (1.9.2)
    mysql2 (0.3.15)
    rack (1.5.2)
    rack-protection (1.5.3)
      rack
    sinatra-activerecord (1.7.0)
      activerecord (>= 3.0)
      sinatra (~> 1.0)
    sinatra-respond_to (0.9.0)
      sinatra (~> 1.3)
    tilt (1.4.1)
    tilt-jbuilder (0.6.0)
      jbuilder
      tilt (<= 1.5.0)
    tzinfo (0.3.39)

PLATFORMS
  ruby

DEPENDENCIES
  activerecord (~> 3.0)
  haml
  jbuilder (~> 1.2)
  mysql2
  sinatra!
  sinatra-activerecord
  sinatra-respond_to (~> 0.9.0)
  tilt-jbuilder
